PATH
  remote: /Users/lizhifeng/Desktop/my_project/big_project/sidekiq
  specs:
    sidekiq (1.0.0)
      connection_pool
      redis

PATH
  remote: /Users/lizhifeng/Desktop/my_project/big_project/thin
  specs:
    thin (1.0.0)
      eventmachine
      rack

GEM
  specs:
    connection_pool (2.2.2)
    eventmachine (1.2.7)
    rack (2.0.7)
    redis (4.1.0)

PLATFORMS
  ruby

DEPENDENCIES
  sidekiq!
  thin!

BUNDLED WITH
   2.0.2
