PATH
  remote: .
  specs:
    thin (1.0.0)
      eventmachine
      rack

PATH
  remote: /Users/lizhifeng/Desktop/my_project/big_project/eventmachine
  specs:
    eventmachine (1.0.0)

GEM
  specs:
    rack (2.0.7)

PLATFORMS
  ruby

DEPENDENCIES
  eventmachine!
  thin!

BUNDLED WITH
   2.0.2
